PATH
  remote: .
  specs:
    vcloud-rest (0.2.2)
      nokogiri (~> 1.6.0)
      rest-client (~> 1.6.7)

GEM
  remote: http://rubygems.org/
  specs:
    addressable (2.3.2)
    crack (0.3.1)
    mime-types (1.23)
    mini_portile (0.5.1)
    minitest (4.3.3)
    nokogiri (1.6.0)
      mini_portile (~> 0.5.0)
    rake (10.0.3)
    rest-client (1.6.7)
      mime-types (>= 1.16)
    webmock (1.9.0)
      addressable (>= 2.2.7)
      crack (>= 0.1.7)

PLATFORMS
  ruby

DEPENDENCIES
  minitest
  rake
  vcloud-rest!
  webmock
